GEM
  specs:

GEM
  remote: https://rubygems.org/
  specs:
    date (2.0.0)
    mini_portile2 (2.5.1)
    nokogiri (1.11.5)
      mini_portile2 (~> 2.5.0)
      racc (~> 1.4)
    open_uri_redirections (0.2.1)
    optimist (3.0.0)
    pp (0.2.0)
      prettyprint
    prettyprint (0.1.0)
    racc (1.5.2)

PLATFORMS
  ruby

DEPENDENCIES
  date!
  nokogiri!
  open_uri_redirections!
  optimist!
  pp!

BUNDLED WITH
   2.0.2
