GEM
  remote: https://rubygems.org/
  specs:
    date (2.0.0)
    mini_portile2 (2.4.0)
    nokogiri (1.10.5)
      mini_portile2 (~> 2.4.0)
    open_uri_redirections (0.2.1)
    optimist (3.0.0)
    pp (0.1.1)

PLATFORMS
  ruby

DEPENDENCIES
  date!
  nokogiri!
  open_uri_redirections!
  optimist!
  pp!

BUNDLED WITH
   2.0.2
